PATH
  remote: .
  specs:
    insightly (0.1.0)
      builder (>= 2.0.0)
      json (>= 1.7.5)
      logger (>= 1.2.8)
      rest-client (>= 1.6.7)

GEM
  remote: http://rubygems.org/
  specs:
    builder (3.1.1)
    diff-lcs (1.1.3)
    json (1.7.5)
    logger (1.2.8)
    mime-types (1.19)
    rake (0.9.2.2)
    rest-client (1.6.7)
      mime-types (>= 1.16)
    rspec (2.11.0)
      rspec-core (~> 2.11.0)
      rspec-expectations (~> 2.11.0)
      rspec-mocks (~> 2.11.0)
    rspec-core (2.11.1)
    rspec-expectations (2.11.3)
      diff-lcs (~> 1.1.3)
    rspec-mocks (2.11.2)

PLATFORMS
  ruby

DEPENDENCIES
  insightly!
  rake
  rspec
