PATH
  remote: .
  specs:
    insightly (0.2.8)
      activesupport (> 3)
      builder (>= 2.0.0)
      i18n (> 0)
      json (>= 1.6.5)
      logger (>= 1.2.8)
      rest-client (>= 1.6.7)

GEM
  remote: http://rubygems.org/
  specs:
    activesupport (3.1.8)
      multi_json (>= 1.0, < 1.3)
    builder (3.1.3)
    diff-lcs (1.1.3)
    gemcutter (0.7.1)
    i18n (0.5.0)
    json (1.6.5)
    logger (1.2.8)
    mime-types (1.19)
    multi_json (1.2.0)
    rake (0.9.2.2)
    rest-client (1.6.7)
      mime-types (>= 1.16)
    rspec (2.11.0)
      rspec-core (~> 2.11.0)
      rspec-expectations (~> 2.11.0)
      rspec-mocks (~> 2.11.0)
    rspec-core (2.11.1)
    rspec-expectations (2.11.3)
      diff-lcs (~> 1.1.3)
    rspec-mocks (2.11.3)

PLATFORMS
  ruby

DEPENDENCIES
  gemcutter
  i18n (~> 0.5.0)
  insightly!
  json (= 1.6.5)
  rake
  rspec
